PATH
  remote: ./
  specs:
    motion-loco (0.3.0)
      awesome_print_motion (~> 0.1.0)
      bubble-wrap (~> 1.4.0)
      motion-require (~> 0.0.7)
      motion-support (~> 0.2.5)

GEM
  remote: https://rubygems.org/
  specs:
    awesome_print_motion (0.1.0)
    bubble-wrap (1.4.0)
    celluloid (0.15.2)
      timers (~> 1.1.0)
    coderay (1.0.9)
    ffi (1.9.0)
    formatador (0.2.4)
    guard (2.1.1)
      formatador (>= 0.2.4)
      listen (~> 2.1)
      lumberjack (~> 1.0)
      pry (>= 0.9.12)
      thor (>= 0.18.1)
    guard-motion (0.1.2)
      guard (>= 1.1.0)
      rake (>= 0.9)
    listen (2.1.1)
      celluloid (>= 0.15.2)
      rb-fsevent (>= 0.9.3)
      rb-inotify (>= 0.9)
    lumberjack (1.0.4)
    method_source (0.8.2)
    motion-redgreen (0.1.0)
    motion-require (0.0.7)
    motion-support (0.2.5)
      motion-require (>= 0.0.6)
    pry (0.9.12.2)
      coderay (~> 1.0.5)
      method_source (~> 0.8)
      slop (~> 3.4)
    rake (10.1.0)
    rb-fsevent (0.9.3)
    rb-inotify (0.9.2)
      ffi (>= 0.5.0)
    slop (3.4.6)
    terminal-notifier-guard (1.5.3)
    thor (0.18.1)
    timers (1.1.0)

PLATFORMS
  ruby

DEPENDENCIES
  guard-motion
  motion-loco!
  motion-redgreen
  terminal-notifier-guard
