PATH
  remote: ./
  specs:
    motion-loco (0.1.3)
      awesome_print_motion (~> 0.1.0)
      bubble-wrap (~> 1.3.0)
      motion-require (~> 0.0.6)
      motion-support (~> 0.2.4)

GEM
  remote: https://rubygems.org/
  specs:
    awesome_print_motion (0.1.0)
    bubble-wrap (1.3.0)
    motion-redgreen (0.1.0)
    motion-require (0.0.6)
    motion-support (0.2.4)
      motion-require (>= 0.0.6)

PLATFORMS
  ruby

DEPENDENCIES
  motion-loco!
  motion-redgreen
